##TITLE=  XMASS Parameter file
##JCAMPDX=  5.0
##DATATYPE=  CONTINUOUS MASS SPECTRUM
##ORIGIN=  XMASS, Bruker-Daltonics (USA) and Bruker-Daltonik (GER)
##OWNER=  TOF User
##SPECTROMETER/DATASYSTEM=  Bruker Flex Series
##.SPECTROMETER TYPE=  TOF
##.INLET=  DIRECT
##.IONIZATION MODE=  LD+
##$ABSF1= 10 
##$ABSF2= 0 
##$ABSG= 5 
##$ABSL= 3 
##$AQOP_m= 0 
##$ATTEN= 40.370369 
##$AUTOLAB= 0 
##$AZFE= 0.1 
##$AZFW= 0.5 
##$AccE_is= 0 
##$Ame= 0 
##$BASLSEG= 10 
##$BASLSUB= no 
##$BC_mod= 0 
##$BYTORDP= 0 
##$CLPTS= 8 
##$CLSTAT= 0 
##$CalPrnt= 0 
##$DATMOD= 1 
##$DC= 1 
##$DELAY= 19456 
##$DTATYPE= 0 
##$Dy2max= 40 
##$FILNO= 0 
##$FT_mod= 0 
##$FWidth= 0.75 
##$GB= 0.1 
##$GOODNLV= 0 
##$HPCon= no 
##$INTBC= 1 
##$INTSCL= 1 
##$ISEN= 128 
##$LB= 1 
##$LINDIS= 0 
##$LftBHi= 0 
##$LftBLo= 0 
##$LftOrd= 0 
##$Lms2osp= no 
##$MAXI= 10000 
##$MAXPKS= 200 
##$MC2= 4 
##$MEAN= 0 
##$MI= 0 
##$MPWCH= 1000 
##$MPWM= 1000 
##$MSDTAID= -1 
##$NC_proc= 0 
##$NOISE= 0 
##$NSP= 1 
##$NTH_PF= 0 
##$NTH_PI= 0 
##$NZP= 0 
##$OCPOrd= 0 
##$PC= 4 
##$PHC0= 0 
##$PHC1= 0 
##$PH_mod= 0 
##$POLARI= 1 
##$PPERC= 80 
##$PP_meth= 1 
##$PSDOrd= 0 
##$PULSREP= 10000 
##$Parent= 1000 
##$PsdHi= 1.05 
##$PsdLo= 0.85000002 
##$Psdc0= 0 
##$Psdc1= 0 
##$Psdc2= 0 
##$REPHZ= 60 
##$REVERSE= no 
##$RefFull= 0 
##$ReflE= 0 
##$RmFrag= yes 
##$SAMPNO= 0 
##$SCALINT= 1 
##$SCALSPC= 1 
##$SI= 22950 
##$SIC_gco= 0 
##$SIC_gct= 0 
##$SIC_ion= 0 
##$SIC_max= 0 
##$SIC_min= 0 
##$SMONUM= 0 
##$SPCOrd= 0 
##$SPOTID= -1 
##$SSB= 0 
##$STSI= 0 
##$STSR= 0 
##$SYMM= 0 
##$S_DEV= 0 
##$Sens1= 100 
##$Sens2= 0 
##$Subbasl= no 
##$Subbpar= 0.80000001 
##$SumShot= 0 
##$T1D= 5 
##$TDeff= 0 
##$TIC_gco= 0 
##$TIC_gct= 0 
##$TIC_hig= 0 
##$TIC_low= 0 
##$TIC_max= 0 
##$TIC_min= 0 
##$TIC_rhi= 1 
##$TIC_rlo= 1 
##$TICcorr= 2 
##$TM1= 0.1 
##$TM2= 0.89999998 
##$Udefl= 0 
##$UdetL= 2.722 
##$UdetR= 0 
##$Uhimass= 0 
##$Uis1= 20 
##$Uis2= 18 
##$Ulens= 6 
##$Uref_is= 0 
##$WDW= 1 
##$XDIM= 64 
##$YMAX_p= 42703 
##$YMIN_p= -2147483648 
##$AUNMP= <> 
##$Acalm= <> 
##$Acquver= <AIDA4.7.373.7> 
##$BLDNM= <averagine.bld> 
##$BTMeth= <> 
##$CALME= (0..15) 
0 0 0 0 0 0 0 0 
0 0 0 0 0 0 0 0 
##$CALMR= (0..15) 
0 0 0 0 0 0 0 0 
0 0 0 0 0 0 0 0 
##$CALNAM1= <> 
##$CALNAM2= <> 
##$CALNAM3= <> 
##$CALNAM4= <> 
##$CALNAM5= <> 
##$CALNAM6= <> 
##$CALNAM7= <> 
##$CLDATE= <2017-05-19T12:16:04.000+00:00> 
##$CLREFNM= <> 
##$CMT1= <> 
##$CMT2= <> 
##$COMFILE= <TofComment> 
##$CalStat= <<?xml version="1.0" encoding="ISO-8859-1"?><cs version="1.0"><ca>ReferenceMassAssignement</ca><cm>Quadratic</cm><cd>2017-05-19T12:16:04.000+00:00</cd><cr>OK</cr><pn>flexControl</pn><pv>3.4.135.0</pv><un>BDAL@US</un><rsid>666CEBC2-0498-48AA-8206-F93979C341E1</rsid><mcl>MBT_Standard</mcl><cocp>8</cocp><devb>199.5208083284629</devb><deca>126.8349310926247</deca><acs><ac><rv>26330.89568536908</rv><mb>3636.333244932923</mb><ma>3637.016769748511</ma><cm>3637.8</cm><cn>RL29 [M+2H]2+</cn><me>215.3032743660813</me><tol>0</tol></ac><ac><rv>31077.32648502752</rv><mb>5096.435543395228</mb><ma>5097.2245122945</ma><cm>5096.8</cm><cn>RS32 [M+H]+</cn><me>83.28996517411639</me><tol>0</tol></ac><ac><rv>31918.67634047176</rv><mb>5380.976274929269</mb><ma>5381.785101165532</ma><cm>5381.4</cm><cn>RS34 [M+H]+</cn><me>71.56152033530918</me><tol>0</tol></ac><ac><rv>34373.25117867599</rv><mb>6255.399999999996</mb><ma>6256.269570880216</ma><cm>6255.4</cm><cn>RS33meth [M+H]+</cn><me>139.011235127424</me><tol>0</tol></ac><ac><rv>37024.1946789576</rv><mb>7273.925729142605</mb><ma>7274.86660777948</ma><cm>7274.5</cm><cn>RL29 [M+H]+</cn><me>50.39628558383896</me><tol>0</tol></ac><ac><rv>43948.22506822037</rv><mb>10297.81495645889</mb><ma>10298.97994498041</ma><cm>10300.1</cm><cn>RS19 [M+H]+</cn><me>108.7421500364003</me><tol>0</tol></ac><ac><rv>50566.06541634395</rv><mb>13680.17219657538</mb><ma>13681.62069215905</ma><cm>13683.2</cm><cn>RNAse A [M+H]+</cn><me>115.4194808926052</me><tol>0</tol></ac><ac><rv>56220.63502082941</rv><mb>16951.97587363574</mb><ma>16953.73700197641</ma><cm>16952.3</cm><cn>Myoglobin [M+H]+</cn><me>84.76737530638697</me><tol>0</tol></ac></acs></cs>> 
##$DFILT= <> 
##$FAVer= <> 
##$FUZFILE= <> 
##$GENMETH= <> 
##$ID= <b7d69757-c185-4e59-944e-1c0340dab432> 
##$IDref= <> 
##$II_path= <> 
##$IR_path= <> 
##$LftCal= (0..15) 
0 0 0 0 0 0 0 0 
0 0 0 0 0 0 0 0 
##$Mctrlp= <> 
##$OpId= <BDAL@US> 
##$PCRMETH= <> 
##$PDELAY= (0..3) 
10 10 10 10 
##$PDURA= (0..3) 
10 10 10 10 
##$PEPURL= <> 
##$PKFILE= <masslist> 
##$PROCMAC= <> 
##$PSDOCP= (0..15) 
0 0 0 0 0 0 0 0 
0 0 0 0 0 0 0 0 
##$PSDSPC= (0..15) 
0 0 0 0 0 0 0 0 
0 0 0 0 0 0 0 0 
##$PSmeth= <> 
##$PostPr= <> 
##$PsdList= <> 
##$REFLIST= <MBT_Standard> 
##$RunGUID= <> 
##$SEQMETH= <> 
##$SMOPTS= (0..15) 
0 0 0 0 0 0 0 0 
0 0 0 0 0 0 0 0 
##$SMPNAM= <WT2 BASAL BIS 190517\0_E4\1> 
##$SNPMETH= <> 
##$SREGLST= <RRRRRRRRRRRRRRR> 
##$TI= <> 
##$WEND= (0..3) 
30000 30000 30000 30000 
##$WINY= (0..3) 
3 3 3 3 
##$WSTART= (0..3) 
0 0 0 0 
##$XMACRO= <> 
##$Xml2= <> 
##END=

