##TITLE=  XMASS Parameter file
##JCAMPDX=  5.0
##DATATYPE=  CONTINUOUS MASS SPECTRUM
##ORIGIN=  XMASS, Bruker-Daltonics (USA) and Bruker-Daltonik (GER)
##OWNER=  TOF User
##SPECTROMETER/DATASYSTEM=  Bruker Flex Series
##.SPECTROMETER TYPE=  TOF
##.INLET=  DIRECT
##.IONIZATION MODE=  LD+
##$ACQMID= 0 
##$ACQVSMA= 3 
##$ACQVSMI= 0 
##$ADC= 1 
##$ANT= no 
##$AOfs= 2.4 
##$AQOP_m= 0 
##$AQ_mod= 1 
##$ATTEN= 69.814812 
##$AccE= 20000 
##$AccE_is= 0 
##$AppTyp= 0 
##$BYTORDA= 0 
##$CIDOn= no 
##$CTOF= 0 
##$Calmet= 1 
##$CapEnt= -4000 
##$CapExit= 0 
##$CapHtr= 0 
##$Corona= 0 
##$Cycle= 100 
##$Cyl= 0 
##$DATE= 0 
##$DCOff1= 0 
##$DComp= no 
##$DE= 625 
##$DELAY= 19460 
##$DIGTYP= 19 
##$DPCAL1= 0 
##$DR_end= 6 
##$DR_set= 12 
##$DR_strt= 12 
##$DS= 0 
##$DTATYPE= 0 
##$DW= 2 
##$DataTyp= 0 
##$DefDly= 0 
##$DeflOff= 30 
##$DigDep= 8 
##$DigTrig= 100 
##$DryFlow= 0 
##$DrySW= 0 
##$DryTemp= 150 
##$EOSTime= 0.92799997 
##$EndP= -3500 
##$Enhance= no 
##$EsiMode= 0 
##$Extract= 0 
##$FASTON= no 
##$FOV= 20 
##$FPCAL1= 1 
##$FPCAL2= 0 
##$FPCAL3= 0 
##$FPMASS= 2466.7 
##$FPON= no 
##$FPSHIFT= 0 
##$FW= 2500 
##$Flatlin= no 
##$FpWinHi= 0 
##$FpWinLo= 0 
##$GDEDLY= 0 
##$GDEON= yes 
##$GDETime= 0 
##$GSpotId= 0 
##$GSpotno= -1 
##$GatStr= 0 
##$Gate= 100 
##$HITURBO= no 
##$HPCML3= 0 
##$HPClBHi= 0 
##$HPClBLo= 0 
##$HPClOrd= 0 
##$HPClUse= no 
##$Hpcgc0= 0 
##$Hpcgc2= 0 
##$IS2BNDV= 0 
##$ISD= no 
##$InstTyp= 9 
##$IsCalib= no 
##$LASP= 1 
##$LBNDVAL= 0 
##$LINDIS= 0 
##$LLNSBND= no 
##$LasFoc= -1 
##$LftHV1= 0 
##$LftHV2= 0 
##$Lift1= 0 
##$Lift2= 0 
##$MC2= 4 
##$ML1= 5443310.94930139 
##$ML1_raw= 5443310.94930139 
##$ML2= 493.056090565452 
##$ML2_raw= 493.056090565452 
##$ML3= -0.00514477614063751 
##$ML3_raw= -0.00514477614063751 
##$MSupMz= 0 
##$MW_low= 15 
##$MapMode= 0 
##$Masserr= 162.42587 
##$MatSup= 0 
##$NBL= 1 
##$NC= 0 
##$NS= 16 
##$NSdigit= 1 
##$NebFlow= 0 
##$NebSW= 0 
##$NebTemp= 30 
##$NoSHOTS= 200 
##$OFFSET= 1000 
##$PAPS= 0 
##$PIEDLY= 130 
##$POLARI= 1 
##$PR= 1 
##$PULSER= 10 
##$PULSREP= 10000 
##$Parent= 1000 
##$RBNDVAL= 0 
##$REPHZ= 60 
##$RFAmp= 600 
##$RFFreq= 5 
##$RG= 1 
##$RLNSBND= no 
##$RTSmoo= 0 
##$Realign= 0 
##$Ref2= 0 
##$RefFull= 0 
##$ReflE= 0 
##$Repel= 20 
##$RetTime= 0 
##$RunDId= 0 
##$RunId= 0 
##$SF= 0 
##$SFO1= 0 
##$SPType= 0 
##$SW= 0 
##$SW_p= 100 
##$SampId= 0 
##$Sens1= 100 
##$Sens2= 0 
##$Skim1= 20 
##$SumShot= 0 
##$Sync= 1 
##$TD= 22980 
##$TIB= 5 
##$TLft= 0 
##$TLftCor= 0 
##$TLift= 0 
##$TPLMS= 0 
##$TargId= 0 
##$TgCount= 0 
##$Trans= 100 
##$Trap= 45 
##$UDeflL= 0 
##$UGrid= 0 
##$UIS2BND= no 
##$ULensR= 0 
##$UPAcc= 0 
##$URepel= 9000 
##$Udefl= 0 
##$UdetL= 2.702 
##$UdetR= 0 
##$Uhim= 0 
##$Uhimass= 0 
##$Uis1= 20 
##$Uis2= 18 
##$Ulens= 6 
##$Uref_is= 0 
##$Urefl= 0 
##$XLens= -50 
##$YMAX_a= 8975 
##$YMIN_a= 0 
##$ACQMETH= <D:\Methods\flexControlMethods\MBT_FC.par> 
##$AQ_DATE= <2015-10-23T15:56:37.928-03:00> 
##$AUNM= <> 
##$AXMeth= <> 
##$CALME= (0..15) 
0 0 0 0 0 0 0 0 
0 0 0 0 0 0 0 0 
##$CALMR= (0..15) 
0 0 0 0 0 0 0 0 
0 0 0 0 0 0 0 0 
##$CALNAM1= <> 
##$CALNAM2= <> 
##$CALNAM3= <> 
##$CALNAM4= <> 
##$CALNAM5= <> 
##$CALNAM6= <> 
##$CALNAM7= <> 
##$CHIPNO= <0> 
##$CMT1= <> 
##$CMT2= <> 
##$CMT3= <> 
##$CMT4= <> 
##$CalStar= <<?xml version="1.0" encoding="ISO-8859-1"?><cs version="1.0"><ca>ReferenceMassAssignement</ca><cm>Quadratic</cm><cd>2015-10-23T09:21:14.000+00:00</cd><cr>OK</cr><pn>flexControl</pn><pv>3.4.135.0</pv><un>BDAL@US</un><rsid>3A0B74EE-B8E0-4748-AF31-C651A26C3087</rsid><mcl>MBT_Standard</mcl><cocp>7</cocp><devb>407.1601391575611</devb><deca>162.4258713858179</deca><acs><ac><rv>26322.69320006421</rv><mb>3636.929520664528</mb><ma>3636.877970343529</ma><cm>3637.8</cm><cn>RL29 [M+2H]2+</cn><me>253.4580396039626</me><tol>0</tol></ac><ac><rv>31068.34159068201</rv><mb>5097.124712574771</mb><ma>5097.401843893123</ma><cm>5096.8</cm><cn>RS32 [M+H]+</cn><me>118.0826975991327</me><tol>0</tol></ac><ac><rv>31909.98982325399</rv><mb>5381.771723147042</mb><ma>5382.151864799978</ma><cm>5381.4</cm><cn>RS34 [M+H]+</cn><me>139.7154643733319</me><tol>0</tol></ac><ac><rv>34362.67045578999</rv><mb>6255.399999999996</mb><ma>6256.172053331494</ma><cm>6255.4</cm><cn>RS33meth [M+H]+</cn><me>123.4218965204679</me><tol>0</tol></ac><ac><rv>37013.03242075019</rv><mb>7273.31113536881</mb><ma>7274.678671641836</ma><cm>7274.5</cm><cn>RL29 [M+H]+</cn><me>24.56136392005566</me><tol>0</tol></ac><ac><rv>43935.5645272148</rv><mb>10294.02046498733</mb><ma>10297.96907539359</ma><cm>10300.1</cm><cn>RS19 [M+H]+</cn><me>206.8838755367081</me><tol>0</tol></ac><ac><rv>56213.30633840532</rv><mb>16939.68795805816</mb><ma>16953.04876733214</ma><cm>16952.3</cm><cn>Myoglobin [M+H]+</cn><me>44.16907040016871</me><tol>0</tol></ac></acs></cs>> 
##$D= (0..31) 
0 0 0 0 0 0 0 0 
0 0 0 0 0 0 0 0 
0 0 0 0 0 0 0 0 
0 0 0 0 0 0 0 0 
##$DOMNAME= <> 
##$FAMeth= <> 
##$FASTCal= <> 
##$FCVer= <flexControl 3.4.135.0> 
##$GEOFILE= <> 
##$Gelcode= <> 
##$HPCStr= <> 
##$HPCal= (0..31) 
0 0 0 0 0 0 0 0 
0 0 0 0 0 0 0 0 
0 0 0 0 0 0 0 0 
0 0 0 0 0 0 0 0 
##$ID_raw= <88995af7-4c3b-46c8-b609-9082b836900b> 
##$IN= (0..31) 
0.001 0.001 0.001 0.001 0.001 0.001 0.001 0.001 
0.001 0.001 0.001 0.001 0.001 0.001 0.001 0.001 
0.001 0.001 0.001 0.001 0.001 0.001 0.001 0.001 
0.001 0.001 0.001 0.001 0.001 0.001 0.001 0.001 
##$INSTRUM= <FLEX-PC> 
##$InstrID= <269944.00510> 
##$LIFTC= (0..2) 
0 0 0 
##$MOTPOS= <(-35860.0,-7510.0)> 
##$Mctrlst= <> 
##$NTBCal= <V3.0CCalibrator 1 1 0 0 -2147483648 2147483647  V1.0CHPCData  Order 0 vCoeff V1.0VectorDouble 0  c2 0 c0 0 minMass 0 maxMass 0 bUse 0 endCHPCData V3.0CTOFCalibrationConstants 19460 2 493.05609056545239 5443310.9493013853 -0.0051447761406375097 2 V3.0CTOFCalibrationConstants 19460 2 493.05609056545239 5443310.9493013853 -0.0051447761406375097 2  > 
##$NTBCalr= <V3.0CCalibrator 1 1 0 0 -2147483648 2147483647  V1.0CHPCData  Order 0 vCoeff V1.0VectorDouble 0  c2 0 c0 0 minMass 0 maxMass 0 bUse 0 endCHPCData V3.0CTOFCalibrationConstants 19460 2 493.05609056545239 5443310.9493013853 -0.0051447761406375097 2 V3.0CTOFCalibrationConstants 19460 2 493.05609056545239 5443310.9493013853 -0.0051447761406375097 2  > 
##$OS9PATH= <> 
##$OpId= <BDAL@US> 
##$P= (0..31) 
0 0 0 0 0 0 0 0 
0 0 0 0 0 0 0 0 
0 0 0 0 0 0 0 0 
0 0 0 0 0 0 0 0 
##$PARNM= <> 
##$PATCHNO= <C12> 
##$PATH= <F:\BARBARA ESPECTRO 23-10-15\0_C12\1\1SLin> 
##$PDELAY= (0..3) 
10 10 10 10 
##$PDURA= (0..3) 
10 10 10 10 
##$PEPURL= <> 
##$PLMSC= (0..2) 
0 0 0 
##$PULPROG= <> 
##$PostPr= <> 
##$QS= (0..7) 
83 83 83 83 83 83 83 83 
##$RUNNM= <> 
##$SMOPTS= (0..15) 
0 0 0 0 0 0 0 0 
0 0 0 0 0 0 0 0 
##$SPOTNO= <C12> 
##$TgIDS= <G_1AA5B344_8FE6_40D9_B530621369C4706C> 
##$TgSer= <> 
##$TgTyp= <> 
##$VDLIST= <DDDDDDDDDDDDDDD> 
##$VOLTNM= <> 
##$WEND= (0..3) 
30000 30000 30000 30000 
##$WINY= (0..3) 
3 3 3 3 
##$WSTART= (0..3) 
0 0 0 0 
##$Warplc1= <> 
##$Warplc2= <> 
##$XACQVS= <3.0> 
##$Xml1= <> 
##END=

