##TITLE=  XMASS Parameter file
##JCAMPDX=  5.0
##DATATYPE=  CONTINUOUS MASS SPECTRUM
##ORIGIN=  XMASS, Bruker-Daltonics (USA) and Bruker-Daltonik (GER)
##OWNER=  TOF User
##SPECTROMETER/DATASYSTEM=  Bruker Flex Series
##.SPECTROMETER TYPE=  TOF
##.INLET=  DIRECT
##.IONIZATION MODE=  LD+
##$ABSF1= 10 
##$ABSF2= 0 
##$ABSG= 5 
##$ABSL= 3 
##$AQOP_m= 0 
##$ATTEN= 35.925926 
##$AUTOLAB= 0 
##$AZFE= 0.1 
##$AZFW= 0.5 
##$AccE_is= 0 
##$Ame= 0 
##$BASLSEG= 80 
##$BASLSUB= yes 
##$BC_mod= 0 
##$BYTORDP= 0 
##$CLPTS= 8 
##$CLSTAT= 0 
##$CalPrnt= 0 
##$DATMOD= 1 
##$DC= 1 
##$DELAY= 19464 
##$DTATYPE= 0 
##$Dy2max= 40 
##$FILNO= 0 
##$FT_mod= 0 
##$FWidth= 0.75 
##$GB= 0.1 
##$GOODNLV= 0 
##$HPCon= no 
##$INTBC= 1 
##$INTSCL= 1 
##$ISEN= 128 
##$LB= 1 
##$LINDIS= 0 
##$LftBHi= 0 
##$LftBLo= 0 
##$LftOrd= 0 
##$Lms2osp= no 
##$MAXI= 10000 
##$MAXPKS= 200 
##$MC2= 4 
##$MEAN= 0 
##$MI= 0 
##$MPWCH= 1000 
##$MPWM= 1000 
##$MSDTAID= -1 
##$NC_proc= -13 
##$NOISE= 0 
##$NSP= 1 
##$NTH_PF= 0 
##$NTH_PI= 0 
##$NZP= 0 
##$OCPOrd= 0 
##$PC= 4 
##$PHC0= 0 
##$PHC1= 0 
##$PH_mod= 0 
##$POLARI= 1 
##$PPERC= 80 
##$PP_meth= 1 
##$PSDOrd= 0 
##$PULSREP= 10000 
##$Parent= 1000 
##$PsdHi= 1.05 
##$PsdLo= 0.85000002 
##$Psdc0= 0 
##$Psdc1= 0 
##$Psdc2= 0 
##$REPHZ= 60 
##$REVERSE= no 
##$RefFull= 0 
##$ReflE= 0 
##$RmFrag= yes 
##$SAMPNO= 0 
##$SCALINT= 1 
##$SCALSPC= 1 
##$SI= 22950 
##$SIC_gco= 0 
##$SIC_gct= 0 
##$SIC_ion= 0 
##$SIC_max= 0 
##$SIC_min= 0 
##$SMONUM= 1 
##$SPCOrd= 0 
##$SPOTID= -1 
##$SSB= 0 
##$STSI= 0 
##$STSR= 0 
##$SYMM= 0 
##$S_DEV= 0 
##$Sens1= 100 
##$Sens2= 0 
##$Subbasl= no 
##$Subbpar= 0.80000001 
##$SumShot= 0 
##$T1D= 5 
##$TDeff= 0 
##$TIC_gco= 0 
##$TIC_gct= 0 
##$TIC_hig= 0 
##$TIC_low= 0 
##$TIC_max= 0 
##$TIC_min= 0 
##$TIC_rhi= 1 
##$TIC_rlo= 1 
##$TICcorr= 2 
##$TM1= 0.1 
##$TM2= 0.89999998 
##$Udefl= 0 
##$UdetL= 2.648 
##$UdetR= 0 
##$Uhimass= 0 
##$Uis1= 20 
##$Uis2= 18 
##$Ulens= 6 
##$Uref_is= 0 
##$WDW= 1 
##$XDIM= 64 
##$YMAX_p= 720454883 
##$YMIN_p= -3760641 
##$AUNMP= <> 
##$Acalm= <> 
##$Acquver= <AIDA4.7.373.7> 
##$BLDNM= <averagine.bld> 
##$BTMeth= <> 
##$CALME= (0..15) 
0 0 0 0 0 0 0 0 
0 0 0 0 0 0 0 0 
##$CALMR= (0..15) 
0 0 0 0 0 0 0 0 
0 0 0 0 0 0 0 0 
##$CALNAM1= <> 
##$CALNAM2= <> 
##$CALNAM3= <> 
##$CALNAM4= <> 
##$CALNAM5= <> 
##$CALNAM6= <> 
##$CALNAM7= <> 
##$CLDATE= <2016-11-18T09:33:38.000+00:00> 
##$CLREFNM= <> 
##$CMT1= <> 
##$CMT2= <> 
##$COMFILE= <TofComment> 
##$CalStat= <<?xml version="1.0" encoding="ISO-8859-1"?><cs version="1.0"><ca>ReferenceMassAssignement</ca><cm>Quadratic</cm><cd>2016-11-18T09:33:38.000+00:00</cd><cr>OK</cr><pn>flexControl</pn><pv>3.4.135.0</pv><un>BDAL@US</un><cmt>BDAL@US</cmt><rsid>D4520156-90CF-412B-AEE8-E77793E3ED93</rsid><mcl>MBT_Standard</mcl><cocp>8</cocp><devb>109.7450746257217</devb><deca>100.8033072959044</deca><acs><ac><rv>26329.09537094413</rv><mb>3637.031558375565</mb><ma>3637.148415759381</ma><cm>3637.8</cm><cn>RL29 [M+2H]2+</cn><me>179.1149157784461</me><tol>0</tol></ac><ac><rv>31075.70173408684</rv><mb>5096.851771559002</mb><ma>5097.204256695144</ma><cm>5096.8</cm><cn>RS32 [M+H]+</cn><me>79.3157854229881</me><tol>0</tol></ac><ac><rv>31917.41043413592</rv><mb>5381.489976649661</mb><ma>5381.878908418435</ma><cm>5381.4</cm><cn>RS34 [M+H]+</cn><me>88.99327655162452</me><tol>0</tol></ac><ac><rv>34370.55826736631</rv><mb>6255.399999999999</mb><ma>6255.880532728484</ma><cm>6255.4</cm><cn>RS33meth [M+H]+</cn><me>76.81886505801744</me><tol>0</tol></ac><ac><rv>37021.63885924869</rv><mb>7274.112193525871</mb><ma>7274.66046471038</ma><cm>7274.5</cm><cn>RL29 [M+H]+</cn><me>22.05852091271272</me><tol>0</tol></ac><ac><rv>43944.64807839251</rv><mb>10298.91195197218</mb><ma>10299.41661113914</ma><cm>10300.1</cm><cn>RS19 [M+H]+</cn><me>66.34778893989864</me><tol>0</tol></ac><ac><rv>50557.75144199022</rv><mb>13681.82503258001</mb><ma>13681.86688519458</ma><cm>13683.2</cm><cn>RNAse A [M+H]+</cn><me>97.42712270656848</me><tol>0</tol></ac><ac><rv>56206.25789601193</rv><mb>16954.23732642943</mb><ma>16953.44404885657</ma><cm>16952.3</cm><cn>Myoglobin [M+H]+</cn><me>67.48635032223821</me><tol>0</tol></ac></acs></cs>> 
##$DFILT= <> 
##$FAVer= <3.4.76.0> 
##$FUZFILE= <> 
##$GENMETH= <> 
##$ID= <5a641c51-0b3d-48c1-bd18-497187dcd657> 
##$IDref= <> 
##$II_path= <> 
##$IR_path= <> 
##$LftCal= (0..15) 
0 0 0 0 0 0 0 0 
0 0 0 0 0 0 0 0 
##$Mctrlp= <> 
##$OpId= <BDAL@US> 
##$PCRMETH= <> 
##$PDELAY= (0..3) 
10 10 10 10 
##$PDURA= (0..3) 
10 10 10 10 
##$PEPURL= <> 
##$PKFILE= <masslist> 
##$PROCMAC= <> 
##$PSDOCP= (0..15) 
0 0 0 0 0 0 0 0 
0 0 0 0 0 0 0 0 
##$PSDSPC= (0..15) 
0 0 0 0 0 0 0 0 
0 0 0 0 0 0 0 0 
##$PSmeth= <> 
##$PostPr= <> 
##$PsdList= <> 
##$REFLIST= <MBT_Standard> 
##$RunGUID= <> 
##$SEQMETH= <> 
##$SMOPTS= (0..15) 
5 0 0 0 0 0 0 0 
0 0 0 0 0 0 0 0 
##$SMPNAM= <Basal 181116\0_A11\1> 
##$SNPMETH= <> 
##$SREGLST= <RRRRRRRRRRRRRRR> 
##$TI= <> 
##$WEND= (0..3) 
30000 30000 30000 30000 
##$WINY= (0..3) 
3 3 3 3 
##$WSTART= (0..3) 
0 0 0 0 
##$XMACRO= <> 
##$Xml2= <> 
##END=

